GEM
  remote: http://rubygems.org/
  specs:
    rake (0.9.2.2)
    rcov (0.9.11)
    test-unit (2.4.3)

PLATFORMS
  ruby

DEPENDENCIES
  rake
  rcov
  test-unit
